GEM
  remote: https://rubygems.org/
  specs:
    minitest (5.11.3)

PLATFORMS
  ruby
  x86_64-darwin-18

DEPENDENCIES
  minitest (~> 5.11)

BUNDLED WITH
   1.16.2
